GEM
  remote: http://rubygems.org/
  specs:
    configuration (1.2.0)
    heroku (2.3.3)
      launchy (>= 0.3.2)
      rest-client (~> 1.6.1)
      term-ansicolor (~> 1.0.5)
    json (1.5.1)
    launchy (0.4.0)
      configuration (>= 0.0.5)
      rake (>= 0.8.1)
    localtunnel (0.2)
      json (>= 1.2.4)
      net-ssh (>= 2.0.22)
      net-ssh-gateway (>= 1.0.1)
    mime-types (1.16)
    net-ssh (2.1.4)
    net-ssh-gateway (1.0.1)
      net-ssh (>= 1.99.1)
    rake (0.9.2)
    rest-client (1.6.3)
      mime-types (>= 1.16)
    term-ansicolor (1.0.5)

PLATFORMS
  ruby

DEPENDENCIES
  heroku
  localtunnel
